GEM
  remote: https://rubygems.org/
  specs:
    kramdown (1.17.0)
    rdiscount (2.2.0.1)
    redcarpet (3.4.0)

PLATFORMS
  ruby

DEPENDENCIES
  kramdown
  rdiscount
  redcarpet

RUBY VERSION
   ruby 2.5.1p57

BUNDLED WITH
   1.16.4
