GEM
  remote: https://rubygems.org/
  specs:
    kramdown (1.17.0)

PLATFORMS
  ruby

DEPENDENCIES
  kramdown

RUBY VERSION
   ruby 2.5.1p57

BUNDLED WITH
   1.16.4
