GEM
  remote: https://rubygems.org/
  specs:
    rdiscount (2.2.0.1)

PLATFORMS
  ruby

DEPENDENCIES
  rdiscount

RUBY VERSION
   ruby 2.5.1p57

BUNDLED WITH
   1.16.4
